GIT
  remote: https://github.com/twalpole/apparition.git
  revision: ca86be4d54af835d531dbcd2b86e7b2c77f85f34
  specs:
    apparition (0.6.0)
      capybara (~> 3.13, < 4)
      websocket-driver (>= 0.6.5)

GEM
  remote: https://rubygems.org/
  specs:
    actioncable (6.1.6.1)
      actionpack (= 6.1.6.1)
      activesupport (= 6.1.6.1)
      nio4r (~> 2.0)
      websocket-driver (>= 0.6.1)
    actionmailbox (6.1.6.1)
      actionpack (= 6.1.6.1)
      activejob (= 6.1.6.1)
      activerecord (= 6.1.6.1)
      activestorage (= 6.1.6.1)
      activesupport (= 6.1.6.1)
      mail (>= 2.7.1)
    actionmailer (6.1.6.1)
      actionpack (= 6.1.6.1)
      actionview (= 6.1.6.1)
      activejob (= 6.1.6.1)
      activesupport (= 6.1.6.1)
      mail (~> 2.5, >= 2.5.4)
      rails-dom-testing (~> 2.0)
    actionpack (6.1.6.1)
      actionview (= 6.1.6.1)
      activesupport (= 6.1.6.1)
      rack (~> 2.0, >= 2.0.9)
      rack-test (>= 0.6.3)
      rails-dom-testing (~> 2.0)
      rails-html-sanitizer (~> 1.0, >= 1.2.0)
    actiontext (6.1.6.1)
      actionpack (= 6.1.6.1)
      activerecord (= 6.1.6.1)
      activestorage (= 6.1.6.1)
      activesupport (= 6.1.6.1)
      nokogiri (>= 1.8.5)
    actionview (6.1.6.1)
      activesupport (= 6.1.6.1)
      builder (~> 3.1)
      erubi (~> 1.4)
      rails-dom-testing (~> 2.0)
      rails-html-sanitizer (~> 1.1, >= 1.2.0)
    activejob (6.1.6.1)
      activesupport (= 6.1.6.1)
      globalid (>= 0.3.6)
    activemerchant (1.126.0)
      activesupport (>= 4.2)
      builder (>= 2.1.2, < 4.0.0)
      i18n (>= 0.6.9)
      nokogiri (~> 1.4)
    activemodel (6.1.6.1)
      activesupport (= 6.1.6.1)
    activerecord (6.1.6.1)
      activemodel (= 6.1.6.1)
      activesupport (= 6.1.6.1)
    activestorage (6.1.6.1)
      actionpack (= 6.1.6.1)
      activejob (= 6.1.6.1)
      activerecord (= 6.1.6.1)
      activesupport (= 6.1.6.1)
      marcel (~> 1.0)
      mini_mime (>= 1.1.0)
    activesupport (6.1.6.1)
      concurrent-ruby (~> 1.0, >= 1.0.2)
      i18n (>= 1.6, < 2)
      minitest (>= 5.1)
      tzinfo (~> 2.0)
      zeitwerk (~> 2.3)
    acts_as_list (1.0.4)
      activerecord (>= 4.2)
    addressable (2.8.0)
      public_suffix (>= 2.0.2, < 5.0)
    ast (2.4.2)
    async (1.30.3)
      console (~> 1.10)
      nio4r (~> 2.3)
      timers (~> 4.1)
    async-http (0.57.0)
      async (>= 1.25)
      async-io (>= 1.28)
      async-pool (>= 0.2)
      protocol-http (~> 0.23.1)
      protocol-http1 (~> 0.14.0)
      protocol-http2 (~> 0.14.0)
      traces (~> 0.4.0)
    async-http-faraday (0.11.0)
      async-http (~> 0.42)
      faraday
    async-io (1.33.0)
      async
    async-pool (0.3.10)
      async (>= 1.25)
    autoprefixer-rails (10.4.7.0)
      execjs (~> 2)
    awesome_nested_set (3.5.0)
      activerecord (>= 4.0.0, < 7.1)
    aws-eventstream (1.2.0)
    aws-partitions (1.619.0)
    aws-sdk-core (3.132.0)
      aws-eventstream (~> 1, >= 1.0.2)
      aws-partitions (~> 1, >= 1.525.0)
      aws-sigv4 (~> 1.1)
      jmespath (~> 1, >= 1.6.1)
    aws-sdk-kms (1.58.0)
      aws-sdk-core (~> 3, >= 3.127.0)
      aws-sigv4 (~> 1.1)
    aws-sdk-s3 (1.114.0)
      aws-sdk-core (~> 3, >= 3.127.0)
      aws-sdk-kms (~> 1)
      aws-sigv4 (~> 1.4)
    aws-sigv4 (1.5.1)
      aws-eventstream (~> 1, >= 1.0.2)
    bcrypt (3.1.16)
    bindex (0.8.1)
    bootsnap (1.10.3)
      msgpack (~> 1.2)
    bootstrap (5.2.0)
      autoprefixer-rails (>= 9.1.0)
      popper_js (>= 2.11.5, < 3)
      sassc-rails (>= 2.0.0)
    builder (3.2.4)
    byebug (11.1.3)
    cancancan (3.4.0)
    canonical-rails (0.2.14)
      rails (>= 4.1, <= 7.1)
    capybara (3.36.0)
      addressable
      matrix
      mini_mime (>= 0.1.3)
      nokogiri (~> 1.8)
      rack (>= 1.6.0)
      rack-test (>= 0.6.3)
      regexp_parser (>= 1.5, < 3.0)
      xpath (~> 3.2)
    capybara-screenshot (1.0.26)
      capybara (>= 1.0, < 4)
      launchy
    carmen (1.1.3)
      activesupport (>= 3.0.0)
    childprocess (4.1.0)
    climate_control (0.2.0)
    codecov (0.6.0)
      simplecov (>= 0.15, < 0.22)
    coffee-rails (5.0.0)
      coffee-script (>= 2.2.0)
      railties (>= 5.2.0)
    coffee-script (2.4.1)
      coffee-script-source
      execjs
    coffee-script-source (1.12.2)
    concurrent-ruby (1.1.10)
    console (1.15.3)
      fiber-local
    crass (1.0.6)
    database_cleaner (1.99.0)
    deface (1.8.1)
      nokogiri (>= 1.6)
      polyglot
      rails (>= 5.2)
      rainbow (>= 2.1.0)
    devise (4.8.1)
      bcrypt (~> 3.0)
      orm_adapter (~> 0.1)
      railties (>= 4.1.0)
      responders
      warden (~> 1.2.3)
    devise-encryptable (0.2.0)
      devise (>= 2.1.0)
    diff-lcs (1.5.0)
    discard (1.2.1)
      activerecord (>= 4.2, < 8)
    docile (1.4.0)
    dotenv (2.8.1)
    dotenv-rails (2.8.1)
      dotenv (= 2.8.1)
      railties (>= 3.2)
    erubi (1.11.0)
    excon (0.92.4)
    execjs (2.8.1)
    factory_bot (4.11.1)
      activesupport (>= 3.0.0)
    factory_bot_rails (4.11.1)
      factory_bot (~> 4.11.1)
      railties (>= 3.0.0)
    faraday (2.5.1)
      faraday-net_http (>= 2.0, < 3.1)
      ruby2_keywords (>= 0.0.4)
    faraday-http-cache (2.4.1)
      faraday (>= 0.8)
    faraday-net_http (3.0.0)
    ffaker (2.21.0)
    ffi (1.15.5)
    fiber-local (1.0.0)
    fog-aws (3.14.0)
      fog-core (~> 2.1)
      fog-json (~> 1.1)
      fog-xml (~> 0.1)
    fog-core (2.3.0)
      builder
      excon (~> 0.71)
      formatador (>= 0.2, < 2.0)
      mime-types
    fog-json (1.2.0)
      fog-core
      multi_json (~> 1.10)
    fog-xml (0.1.4)
      fog-core
      nokogiri (>= 1.5.11, < 2.0.0)
    font-awesome-rails (4.7.0.8)
      railties (>= 3.2, < 8.0)
    formatador (1.1.0)
    friendly_id (5.4.2)
      activerecord (>= 4.0.0)
    gem-release (2.2.2)
    github_changelog_generator (1.16.4)
      activesupport
      async (>= 1.25.0)
      async-http-faraday
      faraday-http-cache
      multi_json
      octokit (~> 4.6)
      rainbow (>= 2.2.1)
      rake (>= 10.0)
    globalid (1.0.0)
      activesupport (>= 5.0)
    handlebars_assets (0.23.9)
      execjs (~> 2.0)
      sprockets (>= 2.0.0)
      tilt (>= 1.2)
    highline (2.0.3)
    i18n (1.12.0)
      concurrent-ruby (~> 1.0)
    i18n-tasks (0.9.37)
      activesupport (>= 4.0.2)
      ast (>= 2.1.0)
      erubi
      highline (>= 2.0.0)
      i18n
      parser (>= 2.2.3.0)
      rails-i18n
      rainbow (>= 2.2.2, < 4.0)
      terminal-table (>= 1.5.1)
    image_processing (1.12.2)
      mini_magick (>= 4.9.5, < 5)
      ruby-vips (>= 2.0.17, < 3)
    jbuilder (2.11.5)
      actionview (>= 5.0.0)
      activesupport (>= 5.0.0)
    jmespath (1.6.1)
    jquery-rails (4.5.0)
      rails-dom-testing (>= 1, < 3)
      railties (>= 4.2.0)
      thor (>= 0.14, < 2.0)
    json (2.6.2)
    kaminari (1.2.2)
      activesupport (>= 4.1.0)
      kaminari-actionview (= 1.2.2)
      kaminari-activerecord (= 1.2.2)
      kaminari-core (= 1.2.2)
    kaminari-actionview (1.2.2)
      actionview
      kaminari-core (= 1.2.2)
    kaminari-activerecord (1.2.2)
      activerecord
      kaminari-core (= 1.2.2)
    kaminari-core (1.2.2)
    kaminari-i18n (0.5.0)
      kaminari
      rails
    kt-paperclip (6.4.1)
      activemodel (>= 4.2.0)
      activesupport (>= 4.2.0)
      mime-types
      mimemagic (~> 0.3.0)
      terrapin (~> 0.6.0)
    launchy (2.5.0)
      addressable (~> 2.7)
    listen (3.7.1)
      rb-fsevent (~> 0.10, >= 0.10.3)
      rb-inotify (~> 0.9, >= 0.9.10)
    loofah (2.18.0)
      crass (~> 1.0.2)
      nokogiri (>= 1.5.9)
    mail (2.7.1)
      mini_mime (>= 0.1.1)
    marcel (1.0.2)
    matrix (0.4.2)
    method_source (1.0.0)
    mime-types (3.4.1)
      mime-types-data (~> 3.2015)
    mime-types-data (3.2022.0105)
    mimemagic (0.3.10)
      nokogiri (~> 1)
      rake
    mini_magick (4.11.0)
    mini_mime (1.1.2)
    minitest (5.16.2)
    monetize (1.12.0)
      money (~> 6.12)
    money (6.16.0)
      i18n (>= 0.6.4, <= 2)
    msgpack (1.4.4)
    multi_json (1.15.0)
    nio4r (2.5.8)
    nokogiri (1.13.8-arm64-darwin)
      racc (~> 1.4)
    nokogiri (1.13.8-x86_64-linux)
      racc (~> 1.4)
    octokit (4.25.1)
      faraday (>= 1, < 3)
      sawyer (~> 0.9)
    orm_adapter (0.5.0)
    parallel (1.22.1)
    parser (3.1.1.0)
      ast (~> 2.4.1)
    pg (1.3.1)
    polyglot (0.3.5)
    popper_js (2.11.5)
    protocol-hpack (1.4.2)
    protocol-http (0.23.1)
    protocol-http1 (0.14.4)
      protocol-http (~> 0.22)
    protocol-http2 (0.14.2)
      protocol-hpack (~> 1.4)
      protocol-http (~> 0.18)
    psych (4.0.4)
      stringio
    public_suffix (4.0.6)
    puma (5.6.1)
      nio4r (~> 2.0)
    racc (1.6.0)
    rack (2.2.4)
    rack-mini-profiler (2.3.3)
      rack (>= 1.2.0)
    rack-proxy (0.7.2)
      rack
    rack-test (2.0.2)
      rack (>= 1.3)
    rails (6.1.6.1)
      actioncable (= 6.1.6.1)
      actionmailbox (= 6.1.6.1)
      actionmailer (= 6.1.6.1)
      actionpack (= 6.1.6.1)
      actiontext (= 6.1.6.1)
      actionview (= 6.1.6.1)
      activejob (= 6.1.6.1)
      activemodel (= 6.1.6.1)
      activerecord (= 6.1.6.1)
      activestorage (= 6.1.6.1)
      activesupport (= 6.1.6.1)
      bundler (>= 1.15.0)
      railties (= 6.1.6.1)
      sprockets-rails (>= 2.0.0)
    rails-controller-testing (1.0.5)
      actionpack (>= 5.0.1.rc1)
      actionview (>= 5.0.1.rc1)
      activesupport (>= 5.0.1.rc1)
    rails-dom-testing (2.0.3)
      activesupport (>= 4.2.0)
      nokogiri (>= 1.6)
    rails-html-sanitizer (1.4.3)
      loofah (~> 2.3)
    rails-i18n (7.0.1)
      i18n (>= 0.7, < 2)
      railties (>= 6.0.0, < 8)
    railties (6.1.6.1)
      actionpack (= 6.1.6.1)
      activesupport (= 6.1.6.1)
      method_source
      rake (>= 12.2)
      thor (~> 1.0)
    rainbow (3.1.1)
    rake (13.0.6)
    ransack (2.6.0)
      activerecord (>= 6.0.4)
      activesupport (>= 6.0.4)
      i18n
    rb-fsevent (0.11.0)
    rb-inotify (0.10.1)
      ffi (~> 1.0)
    regexp_parser (2.2.0)
    responders (3.0.1)
      actionpack (>= 5.0)
      railties (>= 5.0)
    rexml (3.2.5)
    rspec-activemodel-mocks (1.1.0)
      activemodel (>= 3.0)
      activesupport (>= 3.0)
      rspec-mocks (>= 2.99, < 4.0)
    rspec-core (3.10.2)
      rspec-support (~> 3.10.0)
    rspec-expectations (3.10.2)
      diff-lcs (>= 1.2.0, < 2.0)
      rspec-support (~> 3.10.0)
    rspec-mocks (3.10.3)
      diff-lcs (>= 1.2.0, < 2.0)
      rspec-support (~> 3.10.0)
    rspec-rails (5.1.2)
      actionpack (>= 5.2)
      activesupport (>= 5.2)
      railties (>= 5.2)
      rspec-core (~> 3.10)
      rspec-expectations (~> 3.10)
      rspec-mocks (~> 3.10)
      rspec-support (~> 3.10)
    rspec-support (3.10.3)
    rspec_junit_formatter (0.5.1)
      rspec-core (>= 2, < 4, != 2.12.0)
    rubocop (1.33.0)
      json (~> 2.3)
      parallel (~> 1.10)
      parser (>= 3.1.0.0)
      rainbow (>= 2.2.2, < 4.0)
      regexp_parser (>= 1.8, < 3.0)
      rexml (>= 3.2.5, < 4.0)
      rubocop-ast (>= 1.19.1, < 2.0)
      ruby-progressbar (~> 1.7)
      unicode-display_width (>= 1.4.0, < 3.0)
    rubocop-ast (1.21.0)
      parser (>= 3.1.1.0)
    rubocop-performance (1.14.3)
      rubocop (>= 1.7.0, < 2.0)
      rubocop-ast (>= 0.4.0)
    rubocop-rails (2.15.2)
      activesupport (>= 4.2.0)
      rack (>= 1.1)
      rubocop (>= 1.7.0, < 2.0)
    rubocop-rspec (2.12.1)
      rubocop (~> 1.31)
    ruby-progressbar (1.11.0)
    ruby-vips (2.1.4)
      ffi (~> 1.12)
    ruby2_keywords (0.0.5)
    rubyzip (2.3.2)
    sass-rails (6.0.0)
      sassc-rails (~> 2.1, >= 2.1.1)
    sassc (2.4.0)
      ffi (~> 1.9)
    sassc-rails (2.1.2)
      railties (>= 4.0.0)
      sassc (>= 2.0)
      sprockets (> 3.0)
      sprockets-rails
      tilt
    sawyer (0.9.2)
      addressable (>= 2.3.5)
      faraday (>= 0.17.3, < 3)
    selenium-webdriver (4.1.0)
      childprocess (>= 0.5, < 5.0)
      rexml (~> 3.2, >= 3.2.5)
      rubyzip (>= 1.2.2)
    semantic_range (3.0.0)
    simplecov (0.21.2)
      docile (~> 1.1)
      simplecov-html (~> 0.11)
      simplecov_json_formatter (~> 0.1)
    simplecov-html (0.12.3)
    simplecov_json_formatter (0.1.4)
    solidus_api (3.1.7)
      jbuilder (~> 2.8)
      kaminari-activerecord (~> 1.1)
      responders
      solidus_core (= 3.1.7)
    solidus_auth_devise (2.5.4)
      deface (~> 1.0)
      devise (~> 4.1)
      devise-encryptable (= 0.2.0)
      solidus_core (>= 2.6, < 4)
      solidus_support (~> 0.5)
    solidus_backend (3.1.7)
      autoprefixer-rails (~> 10.2, >= 10.2.5.1)
      coffee-rails
      font-awesome-rails (~> 4.0)
      handlebars_assets (~> 0.23)
      jbuilder (~> 2.8)
      jquery-rails
      kaminari (~> 1.1)
      responders
      sassc-rails
      solidus_api (= 3.1.7)
      solidus_core (= 3.1.7)
    solidus_core (3.1.7)
      actionmailer (>= 5.2, < 6.2.x)
      actionpack (>= 5.2, < 6.2.x)
      actionview (>= 5.2, < 6.2.x)
      activejob (>= 5.2, < 6.2.x)
      activemerchant (~> 1.66)
      activemodel (>= 5.2, < 6.2.x)
      activerecord (>= 5.2, < 6.2.x)
      activesupport (>= 5.2, < 6.2.x)
      acts_as_list (< 2.0)
      awesome_nested_set (~> 3.3)
      cancancan (>= 2.2, < 4.0)
      carmen (~> 1.1.0)
      discard (~> 1.0)
      friendly_id (~> 5.0)
      image_processing (~> 1.10)
      kaminari-activerecord (~> 1.1)
      kt-paperclip (~> 6.3)
      mini_magick (~> 4.10)
      monetize (~> 1.8)
      psych (>= 3.1.0, < 5.0)
      railties (>= 5.2, < 6.2.x)
      ransack (~> 2.0)
      state_machines-activerecord (~> 0.6)
    solidus_dev_support (2.5.4)
      capybara (~> 3.29)
      capybara-screenshot (~> 1.0)
      codecov (~> 0.2)
      database_cleaner (~> 1.7)
      factory_bot (~> 4.8)
      factory_bot_rails
      ffaker (~> 2.13)
      gem-release (~> 2.1)
      github_changelog_generator (~> 1.15)
      puma (>= 4.3, < 6.0)
      rspec-rails (>= 4.0.0.beta3, < 6.0)
      rspec_junit_formatter
      rubocop (~> 1.0)
      rubocop-performance (~> 1.5)
      rubocop-rails (~> 2.3)
      rubocop-rspec (~> 2.0)
      solidus_core (>= 2.0, < 4)
      webdrivers (>= 4.4)
    solidus_i18n (2.1.1)
      solidus_core (>= 1.1, < 4)
      solidus_support (~> 0.4)
    solidus_sample (3.1.7)
      solidus_core (= 3.1.7)
    solidus_support (0.8.1)
    spring (4.0.0)
    sprockets (4.1.1)
      concurrent-ruby (~> 1.0)
      rack (> 1, < 3)
    sprockets-rails (3.4.2)
      actionpack (>= 5.2)
      activesupport (>= 5.2)
      sprockets (>= 3.0.0)
    state_machines (0.5.0)
    state_machines-activemodel (0.8.0)
      activemodel (>= 5.1)
      state_machines (>= 0.5.0)
    state_machines-activerecord (0.8.0)
      activerecord (>= 5.1)
      state_machines-activemodel (>= 0.8.0)
    stringio (3.0.2)
    terminal-table (3.0.2)
      unicode-display_width (>= 1.1.1, < 3)
    terrapin (0.6.0)
      climate_control (>= 0.0.3, < 1.0)
    thor (1.2.1)
    tilt (2.0.11)
    timers (4.3.3)
    traces (0.4.1)
    truncate_html (0.9.3)
    turbolinks (5.2.1)
      turbolinks-source (~> 5.2)
    turbolinks-source (5.2.0)
    tzinfo (2.0.5)
      concurrent-ruby (~> 1.0)
    unicode-display_width (2.1.0)
    view_component (2.66.0)
      activesupport (>= 5.0.0, < 8.0)
      concurrent-ruby (~> 1.0)
      method_source (~> 1.0)
    warden (1.2.9)
      rack (>= 2.0.9)
    web-console (4.2.0)
      actionview (>= 6.0.0)
      activemodel (>= 6.0.0)
      bindex (>= 0.4.0)
      railties (>= 6.0.0)
    webdrivers (5.0.0)
      nokogiri (~> 1.6)
      rubyzip (>= 1.3.0)
      selenium-webdriver (~> 4.0)
    webpacker (5.4.3)
      activesupport (>= 5.2)
      rack-proxy (>= 0.6.1)
      railties (>= 5.2)
      semantic_range (>= 2.3.0)
    websocket-driver (0.7.5)
      websocket-extensions (>= 0.1.0)
    websocket-extensions (0.1.5)
    xpath (3.2.0)
      nokogiri (~> 1.8)
    zeitwerk (2.6.0)

PLATFORMS
  arm64-darwin-21
  x86_64-linux

DEPENDENCIES
  apparition (~> 0.6.0)!
  aws-sdk-s3
  bootsnap (>= 1.4.4)
  bootstrap (~> 5.2.0)
  byebug
  canonical-rails
  capybara (>= 3.26)
  deface
  dotenv-rails
  fog-aws
  i18n-tasks (~> 0.9.37)
  jbuilder (~> 2.7)
  kaminari-i18n
  listen (~> 3.3)
  pg (~> 1.1)
  puma (~> 5.0)
  rack-mini-profiler (~> 2.0)
  rails (~> 6.1.0)
  rails-controller-testing (~> 1.0.5)
  rails-i18n
  rspec-activemodel-mocks (~> 1.1.0)
  rspec-rails
  sass-rails (>= 6)
  selenium-webdriver
  solidus_api
  solidus_auth_devise
  solidus_backend
  solidus_core
  solidus_dev_support (~> 2.5)
  solidus_i18n (~> 2.0)
  solidus_sample
  solidus_support
  spring
  truncate_html
  turbolinks (~> 5)
  tzinfo-data
  view_component (~> 2.46)
  web-console (>= 4.1.0)
  webdrivers
  webpacker (~> 5.0)

RUBY VERSION
   ruby 3.0.1p64

BUNDLED WITH
   2.2.15
